GEM
  remote: https://rubygems.org/
  specs:
    concurrent-ruby (1.1.6)
    i18n (1.8.2)
      concurrent-ruby (~> 1.0)
    json (2.3.0)
    ruby-enum (0.8.0)
      i18n
    sqlite3 (1.4.2)

PLATFORMS
  ruby

DEPENDENCIES
  json (~> 2.3)
  ruby-enum (~> 0.8.0)
  sqlite3 (~> 1.4)

BUNDLED WITH
   2.1.4
